GEM
  remote: https://rubygems.org/
  specs:
    artifactory (2.7.0)
    azure_mgmt_network (0.9.0)
      ms_rest_azure (~> 0.7.0)
    azure_mgmt_resources (0.9.0)
      ms_rest_azure (~> 0.7.0)
    builder (3.2.3)
    concurrent-ruby (1.0.4)
    domain_name (0.5.20170223)
      unf (>= 0.0.5, < 1.0.0)
    dsc_lcm_configuration (0.2.0)
    erubis (2.7.0)
    faraday (0.11.0)
      multipart-post (>= 1.2, < 3)
    faraday-cookie_jar (0.0.6)
      faraday (>= 0.7.4)
      http-cookie (~> 1.0.0)
    ffi (1.9.17)
    gssapi (1.2.0)
      ffi (>= 1.0.1)
    gyoku (1.3.1)
      builder (>= 2.1.2)
    http-cookie (1.0.3)
      domain_name (~> 0.5)
    httpclient (2.8.3)
    inifile (3.0.0)
    kitchen-azurerm (0.8.0)
      azure_mgmt_network (~> 0.5, >= 0.5.0)
      azure_mgmt_resources (~> 0.5, >= 0.5.0)
      inifile (~> 3.0, >= 3.0.0)
      sshkey (~> 1, >= 1.0.0)
    kitchen-dsc (0.10.0)
      dsc_lcm_configuration
      test-kitchen (>= 1.9)
    kitchen-pester (0.7.1)
      test-kitchen (~> 1.4)
    kitchen-vagrant (1.0.2)
      test-kitchen (~> 1.4)
    little-plugger (1.1.4)
    logging (2.1.0)
      little-plugger (~> 1.1)
      multi_json (~> 1.10)
    mixlib-install (2.1.12)
      artifactory
      mixlib-shellout
      mixlib-versioning
      thor
    mixlib-shellout (2.2.7)
    mixlib-versioning (1.1.0)
    ms_rest (0.6.3)
      concurrent-ruby (~> 1.0)
      faraday (~> 0.9)
      timeliness (~> 0.3)
    ms_rest_azure (0.7.0)
      concurrent-ruby (~> 1.0)
      faraday (~> 0.9)
      faraday-cookie_jar (~> 0.0.6)
      ms_rest (~> 0.6.3)
    multi_json (1.12.1)
    multipart-post (2.0.0)
    net-scp (1.2.1)
      net-ssh (>= 2.6.5)
    net-ssh (4.1.0)
    net-ssh-gateway (1.3.0)
      net-ssh (>= 2.6.5)
    nori (2.6.0)
    rubyntlm (0.6.1)
    rubyzip (1.2.1)
    safe_yaml (1.0.4)
    sshkey (1.9.0)
    test-kitchen (1.15.0)
      mixlib-install (>= 1.2, < 3.0)
      mixlib-shellout (>= 1.2, < 3.0)
      net-scp (~> 1.1)
      net-ssh (>= 2.9, < 5.0)
      net-ssh-gateway (~> 1.2)
      safe_yaml (~> 1.0)
      thor (~> 0.18)
    thor (0.19.4)
    timeliness (0.3.8)
    unf (0.1.4)
      unf_ext
    unf_ext (0.0.7.2)
    winrm (2.1.2)
      builder (>= 2.1.2)
      erubis (~> 2.7)
      gssapi (~> 1.2)
      gyoku (~> 1.0)
      httpclient (~> 2.2, >= 2.2.0.2)
      logging (>= 1.6.1, < 3.0)
      nori (~> 2.0)
      rubyntlm (~> 0.6.0, >= 0.6.1)
    winrm-fs (1.0.1)
      erubis (~> 2.7)
      logging (>= 1.6.1, < 3.0)
      rubyzip (~> 1.1)
      winrm (~> 2.0)

PLATFORMS
  ruby

DEPENDENCIES
  kitchen-azurerm
  kitchen-dsc
  kitchen-pester
  kitchen-vagrant
  test-kitchen
  winrm
  winrm-fs

BUNDLED WITH
   1.14.5
